GEM
  remote: http://rubygems.org/
  specs:
    builder (3.2.0)
    chunky_png (1.2.7)
    diff-lcs (1.2.1)
    git (1.2.5)
    jeweler (1.8.4)
      bundler (~> 1.0)
      git (>= 1.2.5)
      rake
      rdoc
    json (1.7.7)
    mini_exiftool (1.6.0)
    multi_json (1.6.1)
    nokogiri (1.5.6)
    rake (10.0.3)
    rdoc (4.0.0)
      json (~> 1.4)
    rmagick (2.13.2)
    rspec (2.13.0)
      rspec-core (~> 2.13.0)
      rspec-expectations (~> 2.13.0)
      rspec-mocks (~> 2.13.0)
    rspec-core (2.13.0)
    rspec-expectations (2.13.0)
      diff-lcs (>= 1.1.3, < 2.0)
    rspec-mocks (2.13.0)
    simplecov (0.7.1)
      multi_json (~> 1.0)
      simplecov-html (~> 0.7.1)
    simplecov-html (0.7.1)

PLATFORMS
  ruby

DEPENDENCIES
  builder
  bundler
  chunky_png
  jeweler
  mini_exiftool
  nokogiri
  rmagick
  rspec
  simplecov
